GEM
  remote: https://rubygems.org/
  specs:
    celluloid (0.15.1)
      timers (~> 1.1.0)
    daemons (1.1.9)
    erubis (2.7.0)
    eventmachine (1.0.3)
    json (1.8.0)
    mailfactory (1.4.0)
      mime-types (>= 1.13.1)
    malone (1.0.5)
      mailfactory (~> 1.4)
    mime-types (1.24)
    rack (1.5.2)
    rack-protection (1.5.0)
      rack
    rest-client (1.6.7)
      mime-types (>= 1.16)
    scrivener (0.2.0)
    shotgun (0.9)
      rack (>= 1.0)
    sinatra (1.4.3)
      rack (~> 1.4)
      rack-protection (~> 1.4)
      tilt (~> 1.3, >= 1.3.4)
    sucker_punch (1.0.2)
      celluloid (~> 0.15.1)
    thin (1.5.1)
      daemons (>= 1.0.9)
      eventmachine (>= 0.12.6)
      rack (>= 1.0.0)
    tilt (1.4.1)
    timers (1.1.0)

PLATFORMS
  ruby

DEPENDENCIES
  erubis (~> 2.7.0)
  json (~> 1.8.0)
  malone (~> 1.0.5)
  rest-client (~> 1.6.7)
  scrivener (~> 0.2.0)
  shotgun
  sinatra (~> 1.4.3)
  sucker_punch (~> 1.0.2)
  thin
